GEM
  remote: http://gems.ruby-china.org/
  remote: http://rubygems.oneapm.com/
  specs:
    activemodel (4.2.6)
      activesupport (= 4.2.6)
      builder (~> 3.1)
    activesupport (4.2.6)
      i18n (~> 0.7)
      json (~> 1.7, >= 1.7.7)
      minitest (~> 5.1)
      thread_safe (~> 0.3, >= 0.3.4)
      tzinfo (~> 1.1)
    addressable (2.4.0)
    backports (3.6.8)
    bcrypt (3.1.11)
    bcrypt-ruby (3.1.5)
      bcrypt (>= 3.1.3)
    builder (3.2.2)
    carrierwave (0.8.0)
      activemodel (>= 3.2.0)
      activesupport (>= 3.2.0)
    carrierwave-datamapper (0.2.2)
      carrierwave (~> 0.8.0)
      dm-core (~> 1.1)
    carrierwave-imagesorcery (0.0.5)
      carrierwave
      image_sorcery (>= 1.1.0)
    carrierwave-qiniu (0.0.7.1)
    celluloid (0.16.0)
      timers (~> 4.0.0)
    chronic (0.10.2)
    coderay (1.1.1)
    connection_pool (2.2.0)
    curb (0.9.3)
    data_objects (0.10.17)
      addressable (~> 2.1)
    device_detector (0.8.2)
    diff-lcs (1.2.5)
    dm-aggregates (1.2.0)
      dm-core (~> 1.2.0)
    dm-constraints (1.2.0)
      dm-core (~> 1.2.0)
    dm-core (1.2.1)
      addressable (~> 2.3)
    dm-do-adapter (1.2.0)
      data_objects (~> 0.10.6)
      dm-core (~> 1.2.0)
    dm-enum (0.0.3)
      dm-core
    dm-migrations (1.2.0)
      dm-core (~> 1.2.0)
    dm-mysql-adapter (1.2.0)
      dm-do-adapter (~> 1.2.0)
      do_mysql (~> 0.10.6)
    dm-sqlite-adapter (1.2.0)
      dm-do-adapter (~> 1.2.0)
      do_sqlite3 (~> 0.10.6)
    dm-timestamps (1.2.0)
      dm-core (~> 1.2.0)
    dm-types (1.2.2)
      bcrypt-ruby (~> 3.0)
      dm-core (~> 1.2.0)
      fastercsv (~> 1.5)
      json (~> 1.6)
      multi_json (~> 1.0)
      stringex (~> 1.4)
      uuidtools (~> 2.1)
    dm-validations (1.2.0)
      dm-core (~> 1.2.0)
    do_mysql (0.10.17)
      data_objects (= 0.10.17)
    do_sqlite3 (0.10.17)
      data_objects (= 0.10.17)
    domain_name (0.5.20160310)
      unf (>= 0.0.5, < 1.0.0)
    enumerable-lazy (0.0.1)
    enumerize (1.1.1)
      activesupport (>= 3.2)
    erubis (2.7.0)
    faraday (0.9.2)
      multipart-post (>= 1.2, < 3)
    fastercsv (1.5.5)
    hitimes (1.2.4)
    http-cookie (1.0.2)
      domain_name (~> 0.5)
    i18n (0.7.0)
    image_sorcery (1.1.0)
    json (1.8.3)
    jwt (1.5.4)
    mail (2.6.4)
      mime-types (>= 1.16, < 4)
    method_source (0.8.2)
    mime-types (2.99.2)
    mini_magick (4.5.1)
    mini_portile2 (2.0.0)
    minitest (5.9.0)
    moneta (0.7.20)
    multi_json (1.12.1)
    multipart-post (2.0.0)
    mustermann19 (0.4.3)
      enumerable-lazy
    netrc (0.7.9)
    nokogiri (1.6.7.2)
      mini_portile2 (~> 2.0.0.rc2)
    oj (2.15.1)
    oneapm_rpm (1.1.2)
    padrino (0.13.2)
      padrino-admin (= 0.13.2)
      padrino-cache (= 0.13.2)
      padrino-core (= 0.13.2)
      padrino-gen (= 0.13.2)
      padrino-helpers (= 0.13.2)
      padrino-mailer (= 0.13.2)
      padrino-support (= 0.13.2)
    padrino-admin (0.13.2)
      padrino-core (= 0.13.2)
      padrino-helpers (= 0.13.2)
    padrino-cache (0.13.2)
      moneta (~> 0.7.0)
      padrino-core (= 0.13.2)
      padrino-helpers (= 0.13.2)
    padrino-cookies (0.1.2)
      padrino-core
    padrino-core (0.13.2)
      activesupport (>= 3.1)
      mustermann19
      padrino-support (= 0.13.2)
      rack-protection (>= 1.5.0)
      sinatra (~> 1.4.6)
      thor (~> 0.18)
    padrino-gen (0.13.2)
      bundler (~> 1.0)
      padrino-core (= 0.13.2)
    padrino-helpers (0.13.2)
      i18n (~> 0.6, >= 0.6.7)
      padrino-support (= 0.13.2)
      tilt (>= 1.4.1, < 3)
    padrino-mailer (0.13.2)
      mail (~> 2.5)
      mime-types (< 3)
      padrino-core (= 0.13.2)
    padrino-support (0.13.2)
      activesupport (>= 3.1)
    pingpp (2.0.12)
      json (~> 1.8, >= 1.8.1)
      mime-types (>= 1.25, < 3.0)
      rest-client (~> 1.4)
    pry (0.10.3)
      coderay (~> 1.1.0)
      method_source (~> 0.8.1)
      slop (~> 3.4)
    pry-padrino (0.1.2)
      pry (>= 0.8)
    puma (3.4.0)
    qiniu (6.7.0)
      json (~> 1.8)
      mime-types (>= 2.4.0)
      rest-client (~> 1.8.0)
      ruby-hmac (~> 0.4)
    qiniu-rs (1.1.0)
      json
      mime-types
      rest-client
    rabl (0.12.0)
      activesupport (>= 2.3.14)
    rack (1.6.4)
    rack-protection (1.5.3)
      rack
    rack-test (0.6.3)
      rack (>= 1.0)
    rake (11.1.2)
    redis (3.1.0)
    redis-namespace (1.5.2)
      redis (~> 3.0, >= 3.0.4)
    rest-client (1.8.0)
      http-cookie (>= 1.0.2, < 2.0)
      mime-types (>= 1.16, < 3.0)
      netrc (~> 0.7)
    rest_client (1.8.3)
      netrc (~> 0.7.7)
    rmagick (2.15.4)
    roo (2.0.1)
      nokogiri (~> 1)
      rubyzip (~> 1.1, < 2.0.0)
    roo-xls (1.0.0)
      nokogiri
      roo (>= 2.0.0beta1, < 3)
      spreadsheet (> 0.9.0)
    rspec (3.4.0)
      rspec-core (~> 3.4.0)
      rspec-expectations (~> 3.4.0)
      rspec-mocks (~> 3.4.0)
    rspec-core (3.4.4)
      rspec-support (~> 3.4.0)
    rspec-expectations (3.4.0)
      diff-lcs (>= 1.2.0, < 2.0)
      rspec-support (~> 3.4.0)
    rspec-mocks (3.4.1)
      diff-lcs (>= 1.2.0, < 2.0)
      rspec-support (~> 3.4.0)
    rspec-support (3.4.1)
    rtesseract (2.0.1)
      nokogiri
    ruby-hmac (0.4.0)
    ruby-ole (1.2.12)
    rubyzip (1.2.0)
    sidekiq (3.4.1)
      celluloid (~> 0.16.0)
      connection_pool (>= 2.1.1)
      json
      redis (>= 3.0.6)
      redis-namespace (>= 1.3.1)
    sinatra (1.4.7)
      rack (~> 1.5)
      rack-protection (~> 1.4)
      tilt (>= 1.3, < 3)
    sinatra-contrib (1.4.7)
      backports (>= 2.0)
      multi_json
      rack-protection
      rack-test
      sinatra (~> 1.4.0)
      tilt (>= 1.3, < 3)
    slop (3.6.0)
    spreadsheet (1.1.2)
      ruby-ole (>= 1.0)
    sqlite3 (1.3.11)
    stringex (1.5.1)
    thor (0.19.1)
    thread_safe (0.3.5)
    tilt (2.0.5)
    timers (4.0.4)
      hitimes
    twilio-ruby (4.11.1)
      builder (>= 2.1.2)
      jwt (~> 1.0)
      multi_json (>= 1.3.0)
    tzinfo (1.2.2)
      thread_safe (~> 0.1)
    unf (0.1.4)
      unf_ext
    unf_ext (0.0.7.2)
    uuidtools (2.1.5)
    weixin_js_sdk (0.0.3)
    whenever (0.9.4)
      chronic (>= 0.6.3)
    will_paginate (3.1.0)
    will_paginate-bootstrap (1.0.1)
      will_paginate (>= 3.0.3)

PLATFORMS
  ruby

DEPENDENCIES
  bcrypt
  carrierwave-datamapper
  carrierwave-imagesorcery
  carrierwave-qiniu
  curb
  device_detector
  dm-aggregates
  dm-constraints
  dm-core
  dm-enum (~> 0.0.3)
  dm-migrations
  dm-mysql-adapter
  dm-sqlite-adapter
  dm-timestamps
  dm-types
  dm-validations
  enumerize
  erubis (~> 2.7.0)
  faraday
  http-cookie
  image_sorcery
  json (~> 1.8.1)
  mime-types
  mini_magick
  netrc
  nokogiri
  oj
  oneapm_rpm!
  padrino (= 0.13.2)
  padrino-cookies
  pingpp
  pry-padrino (~> 0.1.2)
  puma
  qiniu
  qiniu-rs
  rabl
  rack-test
  rake
  redis (~> 3.1.0)
  rest-client
  rest_client
  rmagick (= 2.15.4)
  roo (~> 2.0.0)
  roo-xls
  rspec
  rtesseract
  sidekiq
  sinatra-contrib
  spreadsheet
  sqlite3
  twilio-ruby
  weixin_js_sdk
  whenever
  will_paginate (~> 3.0)
  will_paginate-bootstrap

BUNDLED WITH
   1.11.2
